PATH
  remote: .
  specs:
    teakflake (0.1.0)

GEM
  remote: https://rubygems.org/
  specs:
    benchmark-ips (2.10.0)
    diff-lcs (1.5.0)
    docile (1.4.0)
    rake (13.0.6)
    rspec (3.11.0)
      rspec-core (~> 3.11.0)
      rspec-expectations (~> 3.11.0)
      rspec-mocks (~> 3.11.0)
    rspec-core (3.11.0)
      rspec-support (~> 3.11.0)
    rspec-expectations (3.11.0)
      diff-lcs (>= 1.2.0, < 2.0)
      rspec-support (~> 3.11.0)
    rspec-mocks (3.11.1)
      diff-lcs (>= 1.2.0, < 2.0)
      rspec-support (~> 3.11.0)
    rspec-support (3.11.0)
    simplecov (0.21.2)
      docile (~> 1.1)
      simplecov-html (~> 0.11)
      simplecov_json_formatter (~> 0.1)
    simplecov-html (0.12.3)
    simplecov_json_formatter (0.1.4)
    stackprof (0.2.19)

PLATFORMS
  ruby

DEPENDENCIES
  benchmark-ips
  rake (~> 13.0)
  rspec (~> 3.0)
  simplecov
  stackprof
  teakflake!

BUNDLED WITH
   2.1.4
